GEM
  remote: https://rubygems.org/
  specs:
    ruby-terminfo (0.1.1)
    rubyzip (1.2.1)

PLATFORMS
  ruby

DEPENDENCIES
  ruby-terminfo
  rubyzip

BUNDLED WITH
   1.16.1
